GEM
  remote: https://rubygems.org/
  specs:
    execjs (2.8.1)
    rake (13.0.6)
    uglifier (4.2.0)
      execjs (>= 0.3.0, < 3)

PLATFORMS
  ruby

DEPENDENCIES
  rake
  uglifier

BUNDLED WITH
   2.2.26
