GEM
  remote: https://rubygems.org/
  specs:
    execjs (2.7.0)
    rake (12.0.0)
    sass (3.4.24)
    uglifier (3.2.0)
      execjs (>= 0.3.0, < 3)

PLATFORMS
  ruby

DEPENDENCIES
  rake
  sass
  uglifier

BUNDLED WITH
   1.15.0
